GEM
  remote: https://rubygems.org/
  specs:
    classifier (1.3.3)
      fast-stemmer (>= 1.0.0)
    fast-stemmer (1.0.2)
    gsl (1.15.3)
      narray (>= 0.5.9)
    narray (0.6.0.8)

PLATFORMS
  ruby

DEPENDENCIES
  classifier (~> 1.3.3)
  gsl (~> 1.15.3)
